GEM
  remote: https://rubygems.org/
  specs:
    actioncable (6.1.4.6)
      actionpack (= 6.1.4.6)
      activesupport (= 6.1.4.6)
      nio4r (~> 2.0)
      websocket-driver (>= 0.6.1)
    actionmailbox (6.1.4.6)
      actionpack (= 6.1.4.6)
      activejob (= 6.1.4.6)
      activerecord (= 6.1.4.6)
      activestorage (= 6.1.4.6)
      activesupport (= 6.1.4.6)
      mail (>= 2.7.1)
    actionmailer (6.1.4.6)
      actionpack (= 6.1.4.6)
      actionview (= 6.1.4.6)
      activejob (= 6.1.4.6)
      activesupport (= 6.1.4.6)
      mail (~> 2.5, >= 2.5.4)
      rails-dom-testing (~> 2.0)
    actionpack (6.1.4.6)
      actionview (= 6.1.4.6)
      activesupport (= 6.1.4.6)
      rack (~> 2.0, >= 2.0.9)
      rack-test (>= 0.6.3)
      rails-dom-testing (~> 2.0)
      rails-html-sanitizer (~> 1.0, >= 1.2.0)
    actiontext (6.1.4.6)
      actionpack (= 6.1.4.6)
      activerecord (= 6.1.4.6)
      activestorage (= 6.1.4.6)
      activesupport (= 6.1.4.6)
      nokogiri (>= 1.8.5)
    actionview (6.1.4.6)
      activesupport (= 6.1.4.6)
      builder (~> 3.1)
      erubi (~> 1.4)
      rails-dom-testing (~> 2.0)
      rails-html-sanitizer (~> 1.1, >= 1.2.0)
    activejob (6.1.4.6)
      activesupport (= 6.1.4.6)
      globalid (>= 0.3.6)
    activemodel (6.1.4.6)
      activesupport (= 6.1.4.6)
    activerecord (6.1.4.6)
      activemodel (= 6.1.4.6)
      activesupport (= 6.1.4.6)
    activestorage (6.1.4.6)
      actionpack (= 6.1.4.6)
      activejob (= 6.1.4.6)
      activerecord (= 6.1.4.6)
      activesupport (= 6.1.4.6)
      marcel (~> 1.0.0)
      mini_mime (>= 1.1.0)
    activesupport (6.1.4.6)
      concurrent-ruby (~> 1.0, >= 1.0.2)
      i18n (>= 1.6, < 2)
      minitest (>= 5.1)
      tzinfo (~> 2.0)
      zeitwerk (~> 2.3)
    addressable (2.8.0)
      public_suffix (>= 2.0.2, < 5.0)
    autoprefixer-rails (9.7.3)
      execjs
    bcrypt (3.1.13)
    bindex (0.8.1)
    bootstrap-sass (3.4.1)
      autoprefixer-rails (>= 5.2.1)
      sassc (>= 2.0.0)
    builder (3.2.4)
    byebug (10.0.2)
    capybara (3.30.0)
      addressable
      mini_mime (>= 0.1.3)
      nokogiri (~> 1.8)
      rack (>= 1.6.0)
      rack-test (>= 0.6.3)
      regexp_parser (~> 1.5)
      xpath (~> 3.2)
    carrierwave (2.1.1)
      activemodel (>= 5.0.0)
      activesupport (>= 5.0.0)
      addressable (~> 2.6)
      image_processing (~> 1.1)
      mimemagic (>= 0.3.0)
      mini_mime (>= 0.1.3)
      ssrf_filter (~> 1.0)
    childprocess (0.9.0)
      ffi (~> 1.0, >= 1.0.11)
    coderay (1.1.2)
    coffee-rails (5.0.0)
      coffee-script (>= 2.2.0)
      railties (>= 5.2.0)
    coffee-script (2.4.1)
      coffee-script-source
      execjs
    coffee-script-source (1.12.2)
    concurrent-ruby (1.1.9)
    crass (1.0.6)
    devise (4.7.1)
      bcrypt (~> 3.0)
      orm_adapter (~> 0.1)
      railties (>= 4.1.0)
      responders
      warden (~> 1.2.3)
    diff-lcs (1.3)
    erubi (1.10.0)
    execjs (2.7.0)
    factory_bot (4.10.0)
      activesupport (>= 3.0.0)
    factory_bot_rails (4.10.0)
      factory_bot (~> 4.10.0)
      railties (>= 3.0.0)
    ffi (1.15.5)
    formatador (0.2.5)
    globalid (1.0.0)
      activesupport (>= 5.0)
    gravatarify (3.1.1)
    guard (2.14.2)
      formatador (>= 0.2.4)
      listen (>= 2.7, < 4.0)
      lumberjack (>= 1.0.12, < 2.0)
      nenv (~> 0.1)
      notiffany (~> 0.0)
      pry (>= 0.9.12)
      shellany (~> 0.0)
      thor (>= 0.18.1)
    guard-compat (1.2.1)
    guard-rspec (4.7.3)
      guard (~> 2.1)
      guard-compat (~> 1.1)
      rspec (>= 2.99.0, < 4.0)
    i18n (1.10.0)
      concurrent-ruby (~> 1.0)
    image_processing (1.12.2)
      mini_magick (>= 4.9.5, < 5)
      ruby-vips (>= 2.0.17, < 3)
    jbuilder (2.9.1)
      activesupport (>= 4.2.0)
    jquery-rails (4.3.5)
      rails-dom-testing (>= 1, < 3)
      railties (>= 4.2.0)
      thor (>= 0.14, < 2.0)
    kaminari (1.2.1)
      activesupport (>= 4.1.0)
      kaminari-actionview (= 1.2.1)
      kaminari-activerecord (= 1.2.1)
      kaminari-core (= 1.2.1)
    kaminari-actionview (1.2.1)
      actionview
      kaminari-core (= 1.2.1)
    kaminari-activerecord (1.2.1)
      activerecord
      kaminari-core (= 1.2.1)
    kaminari-core (1.2.1)
    listen (3.2.1)
      rb-fsevent (~> 0.10, >= 0.10.3)
      rb-inotify (~> 0.9, >= 0.9.10)
    loofah (2.14.0)
      crass (~> 1.0.2)
      nokogiri (>= 1.5.9)
    lumberjack (1.0.13)
    mail (2.7.1)
      mini_mime (>= 0.1.1)
    marcel (1.0.2)
    method_source (0.9.2)
    mimemagic (0.4.3)
      nokogiri (~> 1)
      rake
    mini_magick (4.11.0)
    mini_mime (1.1.2)
    mini_portile2 (2.8.0)
    minitest (5.15.0)
    nenv (0.3.0)
    nio4r (2.5.8)
    nokogiri (1.13.3)
      mini_portile2 (~> 2.8.0)
      racc (~> 1.4)
    notiffany (0.1.1)
      nenv (~> 0.1)
      shellany (~> 0.0)
    orm_adapter (0.5.0)
    pg (1.0.0)
    pry (0.11.3)
      coderay (~> 1.1.0)
      method_source (~> 0.9.0)
    public_suffix (4.0.6)
    puma (4.3.11)
      nio4r (~> 2.0)
    racc (1.6.0)
    rack (2.2.3)
    rack-test (1.1.0)
      rack (>= 1.0, < 3)
    rails (6.1.4.6)
      actioncable (= 6.1.4.6)
      actionmailbox (= 6.1.4.6)
      actionmailer (= 6.1.4.6)
      actionpack (= 6.1.4.6)
      actiontext (= 6.1.4.6)
      actionview (= 6.1.4.6)
      activejob (= 6.1.4.6)
      activemodel (= 6.1.4.6)
      activerecord (= 6.1.4.6)
      activestorage (= 6.1.4.6)
      activesupport (= 6.1.4.6)
      bundler (>= 1.15.0)
      railties (= 6.1.4.6)
      sprockets-rails (>= 2.0.0)
    rails-controller-testing (1.0.4)
      actionpack (>= 5.0.1.x)
      actionview (>= 5.0.1.x)
      activesupport (>= 5.0.1.x)
    rails-dom-testing (2.0.3)
      activesupport (>= 4.2.0)
      nokogiri (>= 1.6)
    rails-html-sanitizer (1.4.2)
      loofah (~> 2.3)
    rails_12factor (0.0.3)
      rails_serve_static_assets
      rails_stdout_logging
    rails_serve_static_assets (0.0.5)
    rails_stdout_logging (0.0.5)
    railties (6.1.4.6)
      actionpack (= 6.1.4.6)
      activesupport (= 6.1.4.6)
      method_source
      rake (>= 0.13)
      thor (~> 1.0)
    rake (13.0.6)
    rb-fsevent (0.10.4)
    rb-inotify (0.10.1)
      ffi (~> 1.0)
    regexp_parser (1.6.0)
    responders (3.0.0)
      actionpack (>= 5.0)
      railties (>= 5.0)
    rspec (3.7.0)
      rspec-core (~> 3.7.0)
      rspec-expectations (~> 3.7.0)
      rspec-mocks (~> 3.7.0)
    rspec-core (3.7.1)
      rspec-support (~> 3.7.0)
    rspec-expectations (3.7.0)
      diff-lcs (>= 1.2.0, < 2.0)
      rspec-support (~> 3.7.0)
    rspec-mocks (3.7.0)
      diff-lcs (>= 1.2.0, < 2.0)
      rspec-support (~> 3.7.0)
    rspec-rails (3.7.2)
      actionpack (>= 3.0)
      activesupport (>= 3.0)
      railties (>= 3.0)
      rspec-core (~> 3.7.0)
      rspec-expectations (~> 3.7.0)
      rspec-mocks (~> 3.7.0)
      rspec-support (~> 3.7.0)
    rspec-support (3.7.1)
    ruby-vips (2.1.4)
      ffi (~> 1.12)
    rubyzip (1.3.0)
    sass-rails (6.0.0)
      sassc-rails (~> 2.1, >= 2.1.1)
    sassc (2.2.1)
      ffi (~> 1.9)
    sassc-rails (2.1.2)
      railties (>= 4.0.0)
      sassc (>= 2.0)
      sprockets (> 3.0)
      sprockets-rails
      tilt
    selenium-webdriver (3.12.0)
      childprocess (~> 0.5)
      rubyzip (~> 1.2)
    shellany (0.0.1)
    spring (2.0.2)
      activesupport (>= 4.2)
    spring-watcher-listen (2.0.1)
      listen (>= 2.7, < 4.0)
      spring (>= 1.2, < 3.0)
    sprockets (4.0.3)
      concurrent-ruby (~> 1.0)
      rack (> 1, < 3)
    sprockets-rails (3.4.2)
      actionpack (>= 5.2)
      activesupport (>= 5.2)
      sprockets (>= 3.0.0)
    sqlite3 (1.3.13)
    ssrf_filter (1.0.7)
    thor (1.2.1)
    tilt (2.0.10)
    turbolinks (5.1.1)
      turbolinks-source (~> 5.1)
    turbolinks-source (5.1.0)
    tzinfo (2.0.4)
      concurrent-ruby (~> 1.0)
    uglifier (4.1.10)
      execjs (>= 0.3.0, < 3)
    warden (1.2.8)
      rack (>= 2.0.6)
    web-console (4.0.1)
      actionview (>= 6.0.0)
      activemodel (>= 6.0.0)
      bindex (>= 0.4.0)
      railties (>= 6.0.0)
    websocket-driver (0.7.5)
      websocket-extensions (>= 0.1.0)
    websocket-extensions (0.1.5)
    xpath (3.2.0)
      nokogiri (~> 1.8)
    zeitwerk (2.5.4)

PLATFORMS
  ruby

DEPENDENCIES
  bootstrap-sass
  byebug
  capybara (~> 3.0)
  carrierwave
  coffee-rails (~> 5.0)
  devise
  factory_bot_rails
  gravatarify
  guard
  guard-rspec
  jbuilder (~> 2.5)
  jquery-rails
  kaminari
  listen (>= 3.0.5, < 3.7.1)
  pg
  puma (~> 4.3)
  rails (~> 6.1.0)
  rails-controller-testing
  rails_12factor
  rspec-rails
  sass-rails (~> 6.0)
  selenium-webdriver
  spring
  spring-watcher-listen (~> 2.0.0)
  sqlite3
  turbolinks (~> 5)
  tzinfo-data
  uglifier (>= 1.3.0)
  web-console (>= 3.3.0)

BUNDLED WITH
   1.16.2
